PATH
  remote: .
  specs:
    pi_build_modifier (0.6.0.pre.alpha)
      json (~> 2.2)
      openssl (~> 2.1)
      thor (~> 0.20)

GEM
  remote: https://rubygems.org/
  specs:
    diff-lcs (1.3)
    docile (1.3.2)
    json (2.2.0)
    openssl (2.1.2)
    rake (12.3.2)
    rdoc (6.1.1)
    rspec (3.8.0)
      rspec-core (~> 3.8.0)
      rspec-expectations (~> 3.8.0)
      rspec-mocks (~> 3.8.0)
    rspec-core (3.8.0)
      rspec-support (~> 3.8.0)
    rspec-expectations (3.8.2)
      diff-lcs (>= 1.2.0, < 2.0)
      rspec-support (~> 3.8.0)
    rspec-mocks (3.8.0)
      diff-lcs (>= 1.2.0, < 2.0)
      rspec-support (~> 3.8.0)
    rspec-support (3.8.0)
    simplecov (0.17.0)
      docile (~> 1.1)
      json (>= 1.8, < 3)
      simplecov-html (~> 0.10.0)
    simplecov-html (0.10.2)
    thor (0.20.3)

PLATFORMS
  ruby

DEPENDENCIES
  bundler (~> 2.0)
  pi_build_modifier!
  rake (~> 12.3)
  rdoc (~> 6.1)
  rspec (~> 3.8)
  simplecov (~> 0.17)

BUNDLED WITH
   2.0.2
